GEM
  remote: https://rubygems.org/
  specs:
    rack (2.0.6)

PLATFORMS
  x64-mingw32

DEPENDENCIES
  rack

BUNDLED WITH
   1.16.6
